GEM
  remote: https://rubygems.org/
  specs:
    ethon (0.12.0)
      ffi (>= 1.3.0)
    ffi (1.12.2)
    mocha (1.11.2)
    rake (13.0.1)
    typhoeus (1.3.1)
      ethon (>= 0.9.0)

PLATFORMS
  ruby

DEPENDENCIES
  mocha
  rake
  typhoeus

BUNDLED WITH
   2.1.2
