GEM
  remote: http://rubygems.org/
  specs:
    mime-types (1.16)
    mocha (0.9.8)
      rake
    rake (0.9.1)
    typhoeus (0.2.4)
      mime-types
      mime-types

PLATFORMS
  ruby

DEPENDENCIES
  mocha (= 0.9.8)
  rake
  typhoeus
